GEM
  remote: https://rubygems.org/
  specs:
    coderay (1.0.9)
    curb (0.8.5)
    diff-lcs (1.2.4)
    fuubar (1.2.1)
      rspec (~> 2.0)
      rspec-instafail (~> 0.2.0)
      ruby-progressbar (~> 1.0)
    json (1.8.1)
    method_source (0.8.2)
    pry (0.9.12.2)
      coderay (~> 1.0.5)
      method_source (~> 0.8)
      slop (~> 3.4)
    rspec (2.14.1)
      rspec-core (~> 2.14.0)
      rspec-expectations (~> 2.14.0)
      rspec-mocks (~> 2.14.0)
    rspec-core (2.14.7)
    rspec-expectations (2.14.3)
      diff-lcs (>= 1.1.3, < 2.0)
    rspec-instafail (0.2.4)
    rspec-mocks (2.14.4)
    ruby-progressbar (1.2.0)
    slop (3.4.6)
    speech2text (0.3.6)
      curb
      json

PLATFORMS
  ruby

DEPENDENCIES
  curb
  fuubar
  pry
  rspec (~> 2.14.1)
  speech2text
